GEM
  remote: https://rubygems.org/
  specs:
    bcrypt (3.1.19)
    bson (4.15.0)
    erubis (2.7.0)
    mongo (2.19.3)
      bson (>= 4.14.1, < 5.0.0)
    multi_json (1.15.0)
    mustermann (3.0.0)
      ruby2_keywords (~> 0.0.1)
    nio4r (2.7.0)
    pg (1.5.3)
    puma (6.4.2)
      nio4r (~> 2.0)
    rack (2.2.7)
    rack-protection (3.0.6)
      rack
    ruby2_keywords (0.0.5)
    sinatra (3.0.6)
      mustermann (~> 3.0)
      rack (~> 2.2, >= 2.2.4)
      rack-protection (= 3.0.6)
      tilt (~> 2.0)
    sinatra-contrib (3.0.6)
      multi_json
      mustermann (~> 3.0)
      rack-protection (= 3.0.6)
      sinatra (= 3.0.6)
      tilt (~> 2.0)
    tilt (2.2.0)
    webrick (1.8.1)

PLATFORMS
  arm64-darwin-22

DEPENDENCIES
  bcrypt (>= 3.1.19)
  erubis (>= 2.7.0)
  mongo (~> 2)
  pg (>= 1.5.3)
  puma
  sinatra (>= 3.0.6)
  sinatra-contrib (>= 3.0.6)
  webrick (>= 1.8.1)

RUBY VERSION
   ruby 3.2.2p53

BUNDLED WITH
   2.4.14
